GEM
  remote: https://rubygems.org/
  specs:
    ZenTest (4.9.5)
    autotest (4.4.6)
      ZenTest (>= 4.4.1)
    diff-lcs (1.2.5)
    rspec (2.14.1)
      rspec-core (~> 2.14.0)
      rspec-expectations (~> 2.14.0)
      rspec-mocks (~> 2.14.0)
    rspec-core (2.14.7)
    rspec-expectations (2.14.4)
      diff-lcs (>= 1.1.3, < 2.0)
    rspec-mocks (2.14.4)

PLATFORMS
  ruby

DEPENDENCIES
  autotest
  rspec
